GEM
  remote: https://rubygems.org/
  specs:
    coffee-script (2.2.0)
      coffee-script-source
      execjs
    coffee-script-source (1.6.3)
    execjs (1.4.0)
      multi_json (~> 1.0)
    multi_json (1.7.9)
    rack (1.5.2)
    rack-coffee (1.0.2)
      coffee-script
      rack

PLATFORMS
  ruby

DEPENDENCIES
  rack
  rack-coffee
